GIT
  remote: https://github.com/jvatic/es6-module-mapper.git
  revision: 513978c86df3785f5d37aa0cee4ec5c0fc980ced
  branch: master
  specs:
    es6-module-mapper (0.0.1)
      sprockets (~> 3.2)
      yajl-ruby (~> 1.2)

GIT
  remote: https://github.com/jvatic/marbles-js.git
  revision: 50fe2ed6d530d9b695b98a775dcc28ec7c9478bc
  branch: es6-modules
  specs:
    marbles-js (0.0.5)
      es6-module-mapper

GIT
  remote: https://github.com/jvatic/react-jsx-sprockets
  revision: 50418cb324889890190808b12e3017a5568d6cd8
  branch: master
  specs:
    react-jsx-sprockets (0.2.1)
      execjs (>= 1.2.9)
      sprockets (>= 2.0.3)
      tilt (>= 1.3.3)
      yajl-ruby

GIT
  remote: https://github.com/rails/sprockets.git
  revision: 09a7f56fe403700301467d3b14ee08e3aa713643
  tag: v3.2.0
  specs:
    sprockets (3.2.0)
      rack (~> 1.0)

GEM
  remote: https://rubygems.org/
  specs:
    execjs (2.5.2)
    rack (1.6.1)
    rake (10.4.2)
    tilt (2.0.1)
    yajl-ruby (1.2.1)

PLATFORMS
  ruby

DEPENDENCIES
  es6-module-mapper!
  marbles-js!
  rake
  react-jsx-sprockets!
  sprockets!
